GEM
  remote: https://rubygems.org/
  specs:
    addressable (2.5.2)
      public_suffix (>= 2.0.2, < 4.0)
    crack (0.4.3)
      safe_yaml (~> 1.0.0)
    hashdiff (0.3.7)
    json (1.8.6)
    power_assert (1.1.1)
    public_suffix (3.0.2)
    rake (12.3.0)
    safe_yaml (1.0.4)
    test-unit (3.2.7)
      power_assert
    webmock (3.3.0)
      addressable (>= 2.3.6)
      crack (>= 0.3.2)
      hashdiff

PLATFORMS
  ruby
  x64-mingw32
  x86-mingw32
  x86_64-linux

DEPENDENCIES
  json
  rake
  test-unit
  webmock

BUNDLED WITH
   1.16.1
